GIT
  remote: git://github.com/chendo/cora.git
  revision: fe8dccd79caeb7c6c98451195864f2f4f301092f
  specs:
    cora (0.0.2)

PATH
  remote: ./plugins/siriproxy-example
  specs:
    siriproxy-example (0.0.1)

GEM
  remote: http://rubygems.org/
  specs:
    CFPropertyList (2.0.17)
      libxml-ruby (>= 1.1.0)
      rake (>= 0.7.0)
    eventmachine (0.12.10)
    libxml-ruby (2.2.2)
    rake (0.9.2.2)
    uuidtools (2.1.2)

PLATFORMS
  ruby

DEPENDENCIES
  CFPropertyList
  cora!
  eventmachine
  siriproxy-example!
  uuidtools
